GEM
  remote: https://rubygems.org/
  specs:
    image_size (3.3.0)
    pastel (0.8.0)
      tty-color (~> 0.5)
    rake (13.0.6)
    review (5.5.0)
      image_size
      rexml
      rouge
      rubyzip
      tty-logger
    rexml (3.2.6)
    rouge (4.1.3)
    rubyzip (2.3.2)
    tty-color (0.6.0)
    tty-logger (0.6.0)
      pastel (~> 0.8)

PLATFORMS
  x86_64-linux

DEPENDENCIES
  rake (= 13.0.6)
  review (= 5.5.0)

RUBY VERSION
   ruby 3.1.2p20

BUNDLED WITH
   2.4.15
